PATH
  remote: .
  specs:
    sterile (1.0.4)

GEM
  remote: http://rubygems.org/
  specs:

PLATFORMS
  ruby

DEPENDENCIES
  sterile!

BUNDLED WITH
   1.13.1
