PATH
  remote: .
  specs:
    sterile (1.0.7)
      nokogiri

GEM
  remote: http://rubygems.org/
  specs:
    mini_portile2 (2.1.0)
    nokogiri (1.7.0.1)
      mini_portile2 (~> 2.1.0)

PLATFORMS
  ruby

DEPENDENCIES
  sterile!

BUNDLED WITH
   1.13.1
