PATH
  remote: .
  specs:
    sterile (1.0.1)

GEM
  remote: http://rubygems.org/
  specs:

PLATFORMS
  ruby

DEPENDENCIES
  sterile!
